GEM
  remote: http://rubygems.org/
  specs:
    builder (3.2.2)
    daemons (1.1.9)
    eventmachine (1.0.3)
    excon (0.28.0)
    fog (1.18.0)
      builder
      excon (~> 0.28.0)
      formatador (~> 0.2.0)
      mime-types
      multi_json (~> 1.0)
      net-scp (~> 1.1)
      net-ssh (>= 2.1.3)
      nokogiri (~> 1.5)
      ruby-hmac
    formatador (0.2.4)
    haml (4.0.4)
      tilt
    hpricot (0.8.6)
    i18n (0.6.5)
    mime-types (2.0)
    mini_portile (0.5.2)
    multi_json (1.8.2)
    nestful (1.0.7)
    net-scp (1.1.2)
      net-ssh (>= 2.6.5)
    net-ssh (2.7.0)
    nokogiri (1.6.0)
      mini_portile (~> 0.5.0)
    rack (1.5.2)
    rack-protection (1.5.1)
      rack
    redis (3.0.6)
    redis-namespace (1.3.2)
      redis (~> 3.0.4)
    rinruby (2.0.3)
    ruby-graphviz (1.0.9)
    ruby-hmac (0.4.0)
    sass (3.2.12)
    sinatra (1.4.4)
      rack (~> 1.4)
      rack-protection (~> 1.4)
      tilt (~> 1.3, >= 1.3.4)
    thin (1.6.1)
      daemons (>= 1.0.9)
      eventmachine (>= 1.0.0)
      rack (>= 1.0.0)
    tilt (1.4.1)

PLATFORMS
  ruby

DEPENDENCIES
  fog
  haml
  hpricot
  i18n
  nestful
  rack
  redis
  redis-namespace
  rinruby
  ruby-graphviz
  sass
  sinatra
  thin
